GEM
  remote: https://rubygems.org/
  specs:
    alfred-workflow (2.0.5)
      fuzzy_match (>= 2.0.4)
      gyoku (>= 1.1.0)
      moneta (>= 0.7.19)
      nori (>= 2.3.0)
      plist (>= 3.1.0)
      terminal-notifier (>= 1.5.0)
    builder (3.2.2)
    corefoundation (0.2.0)
      ffi
    crypt (2.2.1)
    domain_name (0.5.20160128)
      unf (>= 0.0.5, < 1.0.0)
    ffi (1.9.10)
    fuzzy_match (2.1.0)
    gyoku (1.3.1)
      builder (>= 2.1.2)
    highline (1.7.8)
    http-cookie (1.0.2)
      domain_name (~> 0.5)
    keychain (0.2.3)
      crypt (>= 1.1.4)
      highline (>= 1.4.0)
    mime-types (2.99)
    moneta (0.8.0)
    netrc (0.11.0)
    nori (2.6.0)
    oj (2.14.3)
    plist (3.2.0)
    rest-client (1.8.0)
      http-cookie (>= 1.0.2, < 2.0)
      mime-types (>= 1.16, < 3.0)
      netrc (~> 0.7)
    ruby-keychain (0.3.2)
      corefoundation (~> 0.2.0)
      ffi
    terminal-notifier (1.6.3)
    unf (0.1.4)
      unf_ext
    unf_ext (0.0.7.1)

PLATFORMS
  ruby

DEPENDENCIES
  alfred-workflow
  keychain
  oj
  plist
  rest-client
  ruby-keychain

BUNDLED WITH
   1.11.2
